RESTRICTION: >= net461
NUGET
  remote: https://api.nuget.org/v3/index.json
    FSharp.Control.AsyncSeq (2.0.12)
    FSharp.Core (3.0.2)
    FSharpPlus (1.0.0-CI00089)
      FSharp.Core
    FSharpx.Async (1.13.2)
      FSharp.Control.AsyncSeq
      FSharp.Core
    FSharpx.Collections (1.16)
      FSharp.Core
    FSharpx.Extras (2.2.1)
      FSharpx.Async
      FSharpx.Collections
    PPrint (1.4.2)
    SimpleBase (1.2)
